GEM
  remote: https://rubygems.org/
  specs:
    addressable (2.3.5)
    aws-sdk (1.8.5)
      json (~> 1.4)
      nokogiri (>= 1.4.4)
      uuidtools (~> 2.1)
    backports (3.3.4)
    classifier (1.3.3)
      fast-stemmer (>= 1.0.0)
    coderay (1.0.9)
    colorator (0.1)
    colored (1.2)
    commander (4.1.5)
      highline (~> 1.6.11)
    commonjs (0.2.7)
    configure-s3-website (1.4.0)
      deep_merge (= 1.0.0)
    css_press (0.3.2)
      csspool-st (= 3.1.2)
      json
    csspool-st (3.1.2)
    deep_merge (1.0.0)
    directory_watcher (1.4.1)
    erubis (2.7.0)
    ethon (0.6.1)
      ffi (>= 1.3.0)
      mime-types (~> 1.18)
    execjs (2.0.2)
    faraday (0.8.8)
      multipart-post (~> 1.2.0)
    faraday_middleware (0.9.0)
      faraday (>= 0.7.4, < 0.9)
    fast-stemmer (1.0.2)
    ffi (1.9.0)
    filey-diff (1.4.2)
    gh (0.13.0)
      addressable
      backports
      faraday (~> 0.8)
      multi_json (~> 1.0)
      net-http-persistent (>= 2.7)
      net-http-pipeline
    highline (1.6.19)
    hike (1.2.3)
    html_press (0.8.2)
      htmlentities
      multi_css (>= 0.1.0)
      multi_js (>= 0.1.0)
    htmlentities (4.3.1)
    jekyll (1.2.1)
      classifier (~> 1.3)
      colorator (~> 0.1)
      commander (~> 4.1.3)
      directory_watcher (~> 1.4.1)
      liquid (~> 2.5.2)
      maruku (~> 0.5)
      pygments.rb (~> 0.5.0)
      redcarpet (~> 2.3.0)
      safe_yaml (~> 0.7.0)
    jekyll-assets (0.7.2)
      jekyll (~> 1.0)
      sprockets (~> 2.10)
    jekyll-less (0.0.4)
      jekyll (>= 0.10.0)
      less (>= 2.0.5)
    jekyll-press (0.2.1)
      html_press (>= 0.8.2)
      jekyll
      multi_css (>= 0.1.0)
      multi_js (>= 0.1.0)
    json (1.8.0)
    launchy (2.3.0)
      addressable (~> 2.3)
    less (2.4.0)
      commonjs (~> 0.2.7)
    libv8 (3.16.14.3)
    liquid (2.5.2)
    maruku (0.7.0)
    method_source (0.8.2)
    mime-types (1.19)
    mini_portile (0.5.1)
    multi_css (0.1.0)
      css_press
    multi_js (0.1.0)
      uglifier (~> 2)
    multi_json (1.8.0)
    multipart-post (1.2.0)
    net-http-persistent (2.9)
    net-http-pipeline (1.0.1)
    netrc (0.7.7)
    nokogiri (1.6.0)
      mini_portile (~> 0.5.0)
    posix-spawn (0.3.6)
    pry (0.9.12.2)
      coderay (~> 1.0.5)
      method_source (~> 0.8)
      slop (~> 3.4)
    pusher-client (0.3.1)
      ruby-hmac (~> 0.4.0)
      websocket (~> 1.0.0)
    pygments.rb (0.5.2)
      posix-spawn (~> 0.3.6)
      yajl-ruby (~> 1.1.0)
    rack (1.5.2)
    redcarpet (2.3.0)
    ref (1.0.5)
    ruby-hmac (0.4.0)
    s3_website (1.4.3)
      aws-sdk (~> 1.8.5)
      configure-s3-website (~> 1)
      erubis (~> 2.7.0)
      filey-diff (~> 1.4.2)
      mime-types (= 1.19)
      simple-cloudfront-invalidator (~> 1)
      thor (= 0.18.1)
    safe_yaml (0.7.1)
    simple-cloudfront-invalidator (1.0.1)
      colored (= 1.2)
    slop (3.4.6)
    sprockets (2.10.0)
      hike (~> 1.2)
      multi_json (~> 1.0)
      rack (~> 1.0)
      tilt (~> 1.1, != 1.3.0)
    terminal-notifier (1.5.1)
    therubyracer (0.12.0)
      libv8 (~> 3.16.14.0)
      ref
    thor (0.18.1)
    tilt (1.4.1)
    travis (1.5.4)
      backports
      faraday (~> 0.8.7)
      faraday_middleware (~> 0.9)
      gh (~> 0.13)
      highline (~> 1.6)
      launchy (~> 2.1)
      netrc (~> 0.7)
      pry (~> 0.9)
      pusher-client (~> 0.3, >= 0.3.1)
      terminal-notifier (>= 1.4.2)
      typhoeus (~> 0.6)
    typhoeus (0.6.5)
      ethon (~> 0.6.1)
    uglifier (2.2.1)
      execjs (>= 0.3.0)
      multi_json (~> 1.0, >= 1.0.2)
    uuidtools (2.1.4)
    websocket (1.0.7)
    yajl-ruby (1.1.0)
    yui-compressor (0.12.0)

PLATFORMS
  ruby

DEPENDENCIES
  jekyll
  jekyll-assets
  jekyll-less
  jekyll-press
  s3_website
  therubyracer
  travis
  yui-compressor
